GEM
  remote: https://rubygems.org/
  specs:
    bson (4.0.2)
    bson_ext (1.5.1)
    json (1.8.3)
    kgio (2.10.0)
    mimemagic (0.3.1)
    mongo (2.2.3)
      bson (~> 4.0)
    rack (1.6.4)
    rack-protection (1.5.3)
      rack
    raindrops (0.15.0)
    sinatra (1.4.7)
      rack (~> 1.5)
      rack-protection (~> 1.4)
      tilt (>= 1.3, < 3)
    tilt (2.0.2)
    unicorn (5.0.1)
      kgio (~> 2.6)
      rack
      raindrops (~> 0.7)

PLATFORMS
  ruby

DEPENDENCIES
  bson_ext
  json (~> 1.8.3)
  mimemagic
  mongo (~> 2.1)
  sinatra (~> 1.4)
  unicorn

BUNDLED WITH
   1.10.6
